GIT
  remote: git://github.com/kristianmandrup/modernizr-rails.git
  revision: bbd04c7efc24ccfe9484a93d32649449e353dbbe
  specs:
    modernizr-rails (2.6.1)

GEM
  remote: http://rubygems.org/
  specs:
    flexlayout-rails (0.1.2)
    git (1.2.5)
    html5-now-rails (0.1.0)
    html5forms-rails (0.1.4)
    jeweler (1.8.4)
      bundler (~> 1.0)
      git (>= 1.2.5)
      rake
      rdoc
    json (1.7.5)
    pie-rails (1.1.0)
    rake (0.9.2.2)
    rdoc (3.12)
      json (~> 1.4)

PLATFORMS
  ruby

DEPENDENCIES
  bundler (>= 1.0.0)
  flexlayout-rails (~> 0.1.2)
  html5-now-rails (~> 0.1.0)
  html5forms-rails (~> 0.1.4)
  jeweler (>= 1.8.3)
  modernizr-rails (~> 2.6.1)!
  pie-rails (~> 1.1.0)
